PATH
  remote: .
  specs:
    jpegtran-ruby (0.3.0)

GEM
  remote: https://rubygems.org/
  specs:
    coderay (1.1.0)
    method_source (0.8.2)
    pry (0.10.3)
      coderay (~> 1.1.0)
      method_source (~> 0.8.1)
      slop (~> 3.4)
    rake (10.4.2)
    slop (3.6.0)

PLATFORMS
  ruby

DEPENDENCIES
  bundler (~> 1.11)
  jpegtran-ruby!
  pry
  rake (~> 10.0)

BUNDLED WITH
   1.11.2
